{
  "Modality": "MR",
  "MagneticFieldStrength": 3,
  "Manufacturer": "Siemens",
  "ManufacturersModelName": "TrioTim",
  "InstitutionName": "Brigham_Young_University",
  "InstitutionalDepartmentName": "MRI",
  "InstitutionAddress": "University_Pkwy_1700_North_685_Provo_UT_US_84601",
  "DeviceSerialNumber": "35002",
  "StationName": "MININT-E41B04",
  "PatientPosition": "HFS",
  "ProcedureStepDescription": "Research_KIRWAN",
  "SoftwareVersions": "syngo_MR_B17",
  "MRAcquisitionType": "2D",
  "SeriesDescription": "Resting_State",
  "ProtocolName": "Resting_State",
  "ScanningSequence": "EP",
  "SequenceVariant": "SK_SS",
  "ScanOptions": "FS",
  "SequenceName": "epfid2d1_100",
  "ImageType": [
    "ORIGINAL",
    "PRIMARY",
    "M",
    "MB",
    "ND",
    "MOSAIC"
  ],
  "SeriesNumber": 3,
  "AcquisitionTime": "16:49:23.122500",
  "AcquisitionNumber": 1,
  "ImageComments": "Unaliased_MB8_PE3_(remote)",
  "SliceThickness": 1.8,
  "SpacingBetweenSlices": 1.8,
  "SAR": 0.116679,
  "EchoTime": 0.0476,
  "RepetitionTime": 0.928,
  "FlipAngle": 55,
  "PartialFourier": 1,
  "BaseResolution": 100,
  "ShimSetting": [
    -2883,
    -23041,
    2524,
    1157,
    -94,
    111,
    -216,
    444
  ],
  "TxRefAmp": 371.167,
  "PhaseResolution": 1,
  "ReceiveCoilName": "32Ch_Head",
  "PulseSequenceDetails": "%CustomerSeq%_cmrr_mbep2d_bold",
  "MultibandAccelerationFactor": 8,
  "PercentPhaseFOV": 100,
  "PhaseEncodingSteps": 100,
  "AcquisitionMatrixPE": 100,
  "ReconMatrixPE": 100,
  "BandwidthPerPixelPhaseEncode": 12.658,
  "EffectiveEchoSpacing": 0.000790014,
  "DerivedVendorReportedEchoSpacing": 0.000790014,
  "TotalReadoutTime": 0.0782114,
  "PixelBandwidth": 1786,
  "DwellTime": 2.8e-06,
  "PhaseEncodingDirection": "i",
  "SliceTiming": [
    0,
    0.5175,
    0.1025,
    0.62,
    0.2075,
    0.725,
    0.31,
    0.8275,
    0.4125,
    0,
    0.5175,
    0.1025,
    0.62,
    0.2075,
    0.725,
    0.31,
    0.8275,
    0.4125,
    0,
    0.5175,
    0.1025,
    0.62,
    0.2075,
    0.725,
    0.31,
    0.8275,
    0.4125,
    0,
    0.5175,
    0.1025,
    0.62,
    0.2075,
    0.725,
    0.31,
    0.8275,
    0.4125,
    0,
    0.5175,
    0.1025,
    0.62,
    0.2075,
    0.725,
    0.31,
    0.8275,
    0.4125,
    0,
    0.5175,
    0.1025,
    0.62,
    0.2075,
    0.725,
    0.31,
    0.8275,
    0.4125,
    0,
    0.5175,
    0.1025,
    0.62,
    0.2075,
    0.725,
    0.31,
    0.8275,
    0.4125,
    0,
    0.5175,
    0.1025,
    0.62,
    0.2075,
    0.725,
    0.31,
    0.8275,
    0.4125
  ],
  "ImageOrientationPatientDICOM": [
    0.999999,
    -0.00127436,
    -3.8978e-11,
    -0.000898795,
    -0.705289,
    -0.708919
  ],
  "InPlanePhaseEncodingDirectionDICOM": "ROW",
  "ConversionSoftware": "dcm2niix",
  "ConversionSoftwareVersion": "v1.0.20180404 Clang8.0.0",
  "TaskName": "rest"
}
